GEM
  remote: http://rubygems.org/
  specs:
    addressable (2.8.7)
      public_suffix (< 7.0, >= 2.0.2)
    base64 (0.2.0)
    builder (3.3.0)
    faraday (0.8.11)
      multipart-post (~> 1.2.0)
    git (1.19.1)
      addressable (~> 2.8)
      rchardet (~> 1.8)
    github_api (0.10.1)
      addressable
      faraday (~> 0.8.1)
      hashie (>= 1.2)
      multi_json (~> 1.4)
      nokogiri (~> 1.5.2)
      oauth2
    hashie (5.0.0)
    highline (2.0.3)
    jeweler (1.8.8)
      builder
      bundler (~> 1.0)
      git (>= 1.2.5)
      github_api (= 0.10.1)
      highline (>= 1.6.15)
      nokogiri (= 1.5.10)
      rake
      rdoc
    json (1.8.6)
    jwt (2.8.2)
      base64
    minitest (5.24.1)
    multi_json (1.15.0)
    multi_xml (0.6.0)
    multipart-post (1.2.0)
    nokogiri (1.5.10)
    oauth2 (1.4.8)
      faraday (< 3.0, >= 0.8)
      jwt (< 3.0, >= 1.0)
      multi_json (~> 1.3)
      multi_xml (~> 0.5)
      rack (< 3, >= 1.2)
    public_suffix (4.0.7)
    rack (2.2.9)
    rake (13.2.1)
    rchardet (1.8.0)
    rdoc (4.2.2)
      json (~> 1.4)

PLATFORMS
  ruby

DEPENDENCIES
  bundler (~> 1.0)
  jeweler (~> 1.5)
  minitest (~> 5.0)
